GEM
  remote: https://rubygems.org/
  specs:
    ncursesw (1.4.9)

PLATFORMS
  ruby

DEPENDENCIES
  ncursesw (~> 1.4.9)
