GEM
  remote: https://rubygems.org/
  specs:
    binding_of_caller (0.7.2)
      debug_inspector (>= 0.0.1)
    debug_inspector (0.0.2)
    ffi (1.9.6)
    ffi (1.9.6-java)
    rb_termbox (0.2.0)
      ffi

PLATFORMS
  java
  ruby

DEPENDENCIES
  binding_of_caller (~> 0.7.2)
  ffi (~> 1.9.6)
  rb_termbox (~> 0.2.0)

BUNDLED WITH
   1.10.3
