GEM
  remote: https://rubygems.org/
  specs:
    ffi (1.9.6)
    ffi (1.9.6-java)
    rb_termbox (0.2.0)
      ffi

PLATFORMS
  java
  ruby

DEPENDENCIES
  ffi (~> 1.9.6)
  rb_termbox (~> 0.2.0)

BUNDLED WITH
   1.10.3
